GEM
  remote: https://rubygems.org/
  specs:
    addressable (2.3.2)
    httparty (0.9.0)
      multi_json (~> 1.0)
      multi_xml
    json (1.7.5)
    multi_json (1.5.0)
    multi_xml (0.5.1)
    wunderground (1.0.0)
      addressable
      httparty (> 0.6.0)
      json (> 1.4.0)

PLATFORMS
  ruby

DEPENDENCIES
  wunderground
